{
	"ECGChannelCount":0,
	"EEGChannelCount":64,
	"EEGReference":"FCz",
	"EMGChannelCount":0,
	"EOGChannelCount":1,
	"InstitutionName":"Technische Universitat Berlin",
	"InstitutionalDepartmentName":"Department of Bipsychology and Ergonomics",
	"MiscChannelCount":0,
	"PowerLineFrequency":50,
	"RecordingDuration":3537.876276,
	"SamplingFrequency":500,
	"SoftwareFilters":"n\/a",
	"TaskDescription":"Participants viewed images with varied stair architecture (4) with different primed activites in mind (3)",
	"TaskName":"tectonic",
	"TriggerChannelCount":0
}
